PATH
  remote: .
  specs:
    waz-storage (1.1.1)
      rest-client
      ruby-hmac

GEM
  remote: https://rubygems.org/
  specs:
    diff-lcs (1.1.3)
    metaclass (0.0.1)
    mime-types (1.18)
    mocha (0.10.5)
      metaclass (~> 0.0.1)
    rcov (1.0.0)
    rest-client (1.6.7)
      mime-types (>= 1.16)
    rspec (2.9.0)
      rspec-core (~> 2.9.0)
      rspec-expectations (~> 2.9.0)
      rspec-mocks (~> 2.9.0)
    rspec-core (2.9.0)
    rspec-expectations (2.9.1)
      diff-lcs (~> 1.1.3)
    rspec-mocks (2.9.0)
    ruby-hmac (0.4.0)

PLATFORMS
  ruby

DEPENDENCIES
  mocha
  rcov
  rspec
  waz-storage!
